GEM
  remote: https://rubygems.org/
  specs:
    activemodel (6.0.3.5)
      activesupport (= 6.0.3.5)
    activerecord (6.0.3.5)
      activemodel (= 6.0.3.5)
      activesupport (= 6.0.3.5)
    activesupport (6.0.3.5)
      concurrent-ruby (~> 1.0, >= 1.0.2)
      i18n (>= 0.7, < 2)
      minitest (~> 5.1)
      tzinfo (~> 1.1)
      zeitwerk (~> 2.2, >= 2.2.2)
    backports (3.18.1)
    concurrent-ruby (1.1.8)
    distribution (0.8.0)
    glorify (0.5.0)
      nokogiri
      rdoc-rouge
      sinatra
    i18n (1.8.9)
      concurrent-ruby (~> 1.0)
    json (2.3.1)
    mini_portile2 (2.4.0)
    minitest (5.14.4)
    multi_json (1.15.0)
    mustermann (1.1.1)
      ruby2_keywords (~> 0.0.1)
    nokogiri (1.10.10)
      mini_portile2 (~> 2.4.0)
    nokogiri (1.10.10-x64-mingw32)
      mini_portile2 (~> 2.4.0)
    pg (1.2.3)
    pg (1.2.3-x64-mingw32)
    rack (2.2.3)
    rack-protection (2.0.8.1)
      rack
    rake (13.0.1)
    rdoc (4.3.0)
    rdoc-rouge (0.1.0)
      rdoc (~> 4.0)
      rouge (~> 0.3.0)
    rouge (0.3.10)
      thor
    ruby2_keywords (0.0.2)
    sinatra (2.0.8.1)
      mustermann (~> 1.0)
      rack (~> 2.0)
      rack-protection (= 2.0.8.1)
      tilt (~> 2.0)
    sinatra-activerecord (2.0.18)
      activerecord (>= 4.1)
      sinatra (>= 1.0)
    sinatra-contrib (2.0.8.1)
      backports (>= 2.8.2)
      multi_json
      mustermann (~> 1.0)
      rack-protection (= 2.0.8.1)
      sinatra (= 2.0.8.1)
      tilt (~> 2.0)
    thor (1.0.1)
    thread_safe (0.3.6)
    tilt (2.0.10)
    tzinfo (1.2.9)
      thread_safe (~> 0.1)
    zeitwerk (2.4.2)

PLATFORMS
  ruby
  x64-mingw32

DEPENDENCIES
  activerecord
  distribution
  glorify
  json
  pg
  rake
  sinatra
  sinatra-activerecord
  sinatra-contrib

BUNDLED WITH
   2.0.1
